NUGET
  remote: https://www.nuget.org/api/v2
  specs:
    FAKE (4.40.0)
    FSharp.Core (4.0.0.1)
    MathNet.Numerics (3.13.1)
      TaskParallelLibrary (>= 1.0.2856) - framework: net35
    TaskParallelLibrary (1.0.2856) - framework: net35
