NUGET
  remote: https://www.nuget.org/api/v2
    FAKE (4.40)
    FSharp.Core (4.0.0.1)
